GEM
  remote: https://rubygems.org/
  specs:
    CFPropertyList (3.0.6)
      rexml
    addressable (2.8.5)
      public_suffix (>= 2.0.2, < 6.0)
    artifactory (3.0.15)
    atomos (0.1.3)
    aws-eventstream (1.2.0)
    aws-partitions (1.770.0)
    aws-sdk-core (3.173.0)
      aws-eventstream (~> 1, >= 1.0.2)
      aws-partitions (~> 1, >= 1.651.0)
      aws-sigv4 (~> 1.5)
      jmespath (~> 1, >= 1.6.1)
    aws-sdk-kms (1.64.0)
      aws-sdk-core (~> 3, >= 3.165.0)
      aws-sigv4 (~> 1.1)
    aws-sdk-s3 (1.123.0)
      aws-sdk-core (~> 3, >= 3.165.0)
      aws-sdk-kms (~> 1)
      aws-sigv4 (~> 1.4)
    aws-sigv4 (1.5.2)
      aws-eventstream (~> 1, >= 1.0.2)
    babosa (1.0.4)
    claide (1.1.0)
    cocoapods (1.12.1)
      addressable (~> 2.8)
      claide (>= 1.0.2, < 2.0)
      cocoapods-core (= 1.12.1)
      cocoapods-deintegrate (>= 1.0.3, < 2.0)
      cocoapods-downloader (>= 1.6.0, < 2.0)
      cocoapods-plugins (>= 1.0.0, < 2.0)
      cocoapods-search (>= 1.0.0, < 2.0)
      cocoapods-trunk (>= 1.6.0, < 2.0)
      cocoapods-try (>= 1.1.0, < 2.0)
      colored2 (~> 3.1)
      escape (~> 0.0.4)
      fourflusher (>= 2.3.0, < 3.0)
      gh_inspector (~> 1.0)
      molinillo (~> 0.8.0)
      nap (~> 1.0)
      ruby-macho (>= 2.3.0, < 3.0)
      xcodeproj (>= 1.21.0, < 2.0)
    cocoapods-core (1.12.1)
      activesupport (>= 5.0, < 8)
      addressable (~> 2.8)
      algoliasearch (~> 1.0)
      concurrent-ruby (~> 1.1)
      fuzzy_match (~> 2.0.4)
      nap (~> 1.0)
      netrc (~> 0.11)
      public_suffix (~> 4.0)
      typhoeus (~> 1.0)
    cocoapods-deintegrate (1.0.5)
    cocoapods-downloader (1.6.3)
    cocoapods-plugins (1.0.0)
      nap
    cocoapods-search (1.0.1)
      cocoapods-core
    cocoapods-trunk (1.6.0)
      nap (>= 0.8, < 2.0)
      netrc (~> 0.11)
    fastlane (2.212.2)
      CFPropertyList (>= 2.3, < 4.0.0)
      addressable (>= 2.8, < 3.0.0)
      artifactory (~> 3.0)
      aws-sdk-s3 (~> 1.0)
      babosa (>= 1.0.3, < 2.0.0)
      bundler (>= 1.12.0, < 3.0.0)
      colored
      commander (~> 4.6)
      dotenv (>= 2.1.1, < 3.0.0)
      emoji_regex (>= 0.1, < 4.0)
      excon (>= 0.71.0, < 1.0.0)
      faraday (~> 1.0)
      faraday_middleware (~> 1.0)
      fastimage (>= 2.1.0, < 3.0.0)
      gh_inspector (>= 1.1.2, < 2.0.0)
      google-apis-androidpublisher_v3 (~> 0.3)
      google-apis-playcustomapp_v1 (~> 0.1)
      google-cloud-storage (~> 1.31)
      highline (~> 2.0)
      http-cookie (~> 1.0.5)
      json (>= 2.0.0, < 3.0.0)
      jwt (>= 2.1.0, < 3.0.0)
      mini_magick (>= 4.9.4, < 5.0.0)
      multipart-post (~> 2.0.0)
      naturally (~> 2.2)
      optparse (~> 0.1.1)
      plist (>= 3.1.0, < 4.0.0)
      rubyzip (>= 2.0.0, < 3.0.0)
      security (= 0.1.3)
      simctl (~> 1.6.3)
      terminal-notifier (>= 2.0.0, < 3.0.0)
      terminal-table (>= 1.4.5, < 2.0.0)
      tty-screen (>= 0.6.3, < 1.0.0)
      tty-spinner (>= 0.8.0, < 1.0.0)
      word_wrap (~> 1.0.0)
      xcodeproj (>= 1.13.0, < 2.0.0)
      xcpretty (~> 0.3.0)
      xcpretty-travis-formatter (>= 0.0.3)
    fastlane-plugin-badge (1.5.0)
      badge (~> 0.13.0)
    fastlane-plugin-firebase_app_distribution (0.6.1)
      google-apis-firebaseappdistribution_v1 (~> 0.3.0)

DEPENDENCIES
  cocoapods
  fastlane
  fastlane-plugin-badge
  fastlane-plugin-firebase_app_distribution

BUNDLED WITH
   2.3.26 